STORAGE: NONE
RESTRICTION: == netcoreapp3.1
NUGET
  remote: https://api.nuget.org/v3/index.json
    BenchmarkDotNet (0.12)
      BenchmarkDotNet.Annotations (>= 0.12)
      CommandLineParser (>= 2.4.3)
      Microsoft.CodeAnalysis.CSharp (>= 2.10)
      Microsoft.DotNet.PlatformAbstractions (>= 2.1)
      Microsoft.Win32.Registry (>= 4.5)
      System.Management (>= 4.5)
      System.Reflection.Emit (>= 4.3)
      System.Reflection.Emit.Lightweight (>= 4.3)
      System.Threading.Tasks.Extensions (>= 4.5.2)
      System.ValueTuple (>= 4.5)
    BenchmarkDotNet.Annotations (0.12)
    CommandLineParser (2.7.82)
    Expecto (8.13.1)
      FSharp.Core (>= 4.3.4)
      Mono.Cecil (>= 0.11)
    Expecto.BenchmarkDotNet (8.13.1)
      BenchmarkDotNet (>= 0.11.5)
      FSharp.Core (>= 4.3.4)
    Expecto.FsCheck (8.13.1)
      Expecto (>= 8.13.1)
      FsCheck (>= 2.14)
    Expecto.Hopac (8.13.1)
      Expecto (>= 8.13.1)
      Hopac (>= 0.3.23)
    Expecto.TestResults (8.13.1)
      Expecto (>= 8.13.1)
      FSharp.Core (>= 4.3.4)
    FsCheck (2.14)
      FSharp.Core (>= 4.2.3)
    FSharp.Core (4.7)
    Hopac (0.4.1)
      FSharp.Core (>= 4.5 < 5.0)
    Microsoft.CodeAnalysis.Analyzers (2.9.8)
    Microsoft.CodeAnalysis.Common (3.4)
      Microsoft.CodeAnalysis.Analyzers (>= 2.9.6)
      System.Collections.Immutable (>= 1.5)
      System.Memory (>= 4.5.3)
      System.Reflection.Metadata (>= 1.6)
      System.Runtime.CompilerServices.Unsafe (>= 4.5.2)
      System.Text.Encoding.CodePages (>= 4.5.1)
      System.Threading.Tasks.Extensions (>= 4.5.3)
    Microsoft.CodeAnalysis.CSharp (3.4)
      Microsoft.CodeAnalysis.Common (3.4)
    Microsoft.DotNet.PlatformAbstractions (3.1.2)
    Microsoft.NETCore.Platforms (3.1)
    Microsoft.Win32.Registry (4.7)
      System.Security.AccessControl (>= 4.7)
      System.Security.Principal.Windows (>= 4.7)
    Mono.Cecil (0.11.2)
    System.CodeDom (4.7)
    System.Collections.Immutable (1.7)
    System.Management (4.7)
      Microsoft.NETCore.Platforms (>= 3.1)
      Microsoft.Win32.Registry (>= 4.7)
      System.CodeDom (>= 4.7)
    System.Memory (4.5.3)
    System.Reflection.Emit (4.7)
    System.Reflection.Emit.Lightweight (4.7)
    System.Reflection.Metadata (1.8)
    System.Runtime.CompilerServices.Unsafe (4.7)
    System.Security.AccessControl (4.7)
      Microsoft.NETCore.Platforms (>= 3.1)
      System.Security.Principal.Windows (>= 4.7)
    System.Security.Principal.Windows (4.7)
    System.Text.Encoding.CodePages (4.7)
      Microsoft.NETCore.Platforms (>= 3.1)
    System.Threading.Tasks.Extensions (4.5.3)
    System.ValueTuple (4.5)
